GEM
  remote: https://rubygems.org/
  specs:
    mime (0.4.4)
    mime-types (3.5.2)
      mime-types-data (~> 3.2015)
    mime-types-data (3.2024.0604)
    mini_exiftool (2.11.0)
    nokogiri (1.16.5-aarch64-linux)
      racc (~> 1.4)
    nokogiri (1.16.5-arm-linux)
      racc (~> 1.4)
    nokogiri (1.16.5-arm64-darwin)
      racc (~> 1.4)
    nokogiri (1.16.5-x86-linux)
      racc (~> 1.4)
    nokogiri (1.16.5-x86_64-darwin)
      racc (~> 1.4)
    nokogiri (1.16.5-x86_64-linux)
      racc (~> 1.4)
    racc (1.8.0)
    rexml (3.3.6)
      strscan
    rubyzip (2.3.2)
    spider (0.5.4)
    strscan (3.1.0)

PLATFORMS
  aarch64-linux
  arm-linux
  arm64-darwin
  x86-linux
  x86_64-darwin
  x86_64-linux

DEPENDENCIES
  mime
  mime-types (>= 3.3.1)
  mini_exiftool
  nokogiri
  rexml
  rubyzip
  spider

BUNDLED WITH
   2.5.9
